GEM
  remote: https://rubygems.org/
  specs:
    mail (2.6.3)
      mime-types (>= 1.16, < 3)
    mime-types (2.4.3)
    thor (0.19.1)

PLATFORMS
  ruby

DEPENDENCIES
  mail
  thor
